PATH
  remote: .
  specs:
    acts_as_slugable (1.0)
      activerecord (>= 3.0.0)

GEM
  remote: http://rubygems.org/
  specs:
    activemodel (3.2.2)
      activesupport (= 3.2.2)
      builder (~> 3.0.0)
    activerecord (3.2.2)
      activemodel (= 3.2.2)
      activesupport (= 3.2.2)
      arel (~> 3.0.2)
      tzinfo (~> 0.3.29)
    activesupport (3.2.2)
      i18n (~> 0.6)
      multi_json (~> 1.0)
    arel (3.0.2)
    builder (3.0.0)
    i18n (0.6.0)
    multi_json (1.2.0)
    rake (0.8.7)
    sqlite3 (1.3.5)
    tzinfo (0.3.32)

PLATFORMS
  ruby

DEPENDENCIES
  acts_as_slugable!
  bundler (>= 1.0.0)
  rake (= 0.8.7)
  sqlite3
